GIT
  remote: https://github.com/piavlo/sensu-plugin.git
  revision: e770bc985c4d1835dd3faf6a119593f9306b850e
  branch: feature/hybird
  specs:
    sensu-plugin (0.1.8)
      json
      mixlib-cli (>= 1.1.0)

GEM
  remote: https://rubygems.org/
  specs:
    ast (1.0.2)
    json (1.8.0)
    mixlib-cli (1.3.0)
    parser (2.0.0.beta4)
      ast (~> 1.0)
      slop (~> 3.4)
    rainbow (1.1.4)
    rubocop (0.8.2)
      parser (>= 2.0.0.beta1, <= 2.0.0)
      rainbow (>= 1.1.4)
    slop (3.4.5)

PLATFORMS
  ruby

DEPENDENCIES
  rubocop
  sensu-plugin!
